GEM
  remote: https://rubygems.org/
  specs:
    Ascii85 (1.0.2)
    afm (0.2.2)
    columnize (0.8.9)
    hashery (2.1.1)
    pdf-reader (1.3.3)
      Ascii85 (~> 1.0.0)
      afm (~> 0.2.0)
      hashery (~> 2.0)
      ruby-rc4
      ttfunk
    ruby-debug (0.10.4)
      columnize (>= 0.1)
      ruby-debug-base (~> 0.10.4.0)
    ruby-debug-base (0.10.4-java)
    ruby-rc4 (0.1.5)
    tabula-extractor (0.7.5-java)
      trollop (~> 2.0)
    trollop (2.0)
    ttfunk (1.4.0)

PLATFORMS
  java

DEPENDENCIES
  pdf-reader
  ruby-debug
  tabula-extractor
